GEM
  remote: https://rubygems.org/
  specs:
    goby (0.1.0)

PLATFORMS
  ruby

DEPENDENCIES
  goby (~> 0.1.0)

BUNDLED WITH
   1.14.6
